GEM
  remote: https://rubygems.org/
  specs:
    RubyInline (3.12.4)
      ZenTest (~> 4.3)
    ZenTest (4.11.2)
    fuzzy-string-match (1.0.1)
      RubyInline (>= 3.8.6)
    sequel (5.19.0)
    sqlite3 (1.4.0)

PLATFORMS
  ruby

DEPENDENCIES
  fuzzy-string-match
  sequel
  sqlite3

BUNDLED WITH
   1.17.3
